RESTRICTION: >= net45
NUGET
  remote: https://api.nuget.org/v3/index.json
    FParsec (1.0.3)
      FSharp.Core (>= 4.0.0.1)
    FsCheck (2.9)
      FSharp.Core (>= 4.1)
    FsCheck.Xunit (2.9)
      FsCheck (>= 2.9)
      xunit.extensibility.execution (>= 2.2 < 3.0)
    FSharp.Core (4.2.3) - redirects: force
    Microsoft.NETCore.Platforms (2.0) - restriction: || (&& (>= net45) (>= uap100)) (&& (>= net45) (< netstandard1.0) (>= monoandroid)) (&& (>= net45) (< netstandard1.0) (>= portable-net451+win81+wpa81)) (&& (>= net45) (< netstandard1.3) (>= wpa81)) (&& (>= net45) (>= netstandard1.6)) (&& (>= net45) (< portable-net45+win8+wpa81)) (&& (>= net45) (< portable-net451+win81+wpa81)) (&& (>= net451) (< netstandard1.3)) (&& (>= net46) (< netstandard1.4))
    Microsoft.Win32.Primitives (4.3) - restriction: || (&& (>= net45) (>= uap100)) (&& (>= net45) (>= netstandard1.6)) (&& (>= net46) (< netstandard1.4))
    NETStandard.Library (2.0) - restriction: || (&& (>= net45) (< net452)) (&& (>= net45) (< net461))
      Microsoft.NETCore.Platforms (>= 1.1)
      Microsoft.Win32.Primitives (>= 4.3) - restriction: || (&& (>= net45) (>= uap100)) (&& (>= net45) (>= netstandard1.6)) (&& (>= net46) (< netstandard1.4))
      System.AppContext (>= 4.3) - restriction: || (&& (>= net45) (>= uap100)) (&& (>= net45) (>= netstandard1.6)) (&& (>= net46) (< netstandard1.4))
      System.Console (>= 4.3) - restriction: || (&& (>= net45) (>= uap100)) (&& (>= net45) (>= netstandard1.6)) (&& (>= net46) (< netstandard1.4))
      System.Globalization.Calendars (>= 4.3) - restriction: || (&& (>= net45) (>= uap100)) (&& (>= net45) (>= netstandard1.6)) (&& (>= net46) (< netstandard1.4))
      System.IO.Compression (>= 4.3) - restriction: || (&& (>= net45) (>= uap100)) (&& (>= net45) (>= netstandard1.6)) (&& (>= net46) (< netstandard1.4))
      System.IO.Compression.ZipFile (>= 4.3) - restriction: || (&& (>= net45) (>= uap100)) (&& (>= net45) (>= netstandard1.6)) (&& (>= net46) (< netstandard1.4))
      System.IO.FileSystem (>= 4.3) - restriction: || (&& (>= net45) (>= uap100)) (&& (>= net45) (>= netstandard1.6)) (&& (>= net46) (< netstandard1.4))
      System.IO.FileSystem.Primitives (>= 4.3) - restriction: || (&& (>= net45) (>= uap100)) (&& (>= net45) (>= netstandard1.6)) (&& (>= net46) (< netstandard1.4))
      System.Net.Http (>= 4.3.2) - restriction: || (&& (>= net45) (>= uap100)) (&& (>= net45) (>= netstandard1.6)) (&& (>= net46) (< netstandard1.4))
      System.Net.Sockets (>= 4.3) - restriction: || (&& (>= net45) (>= uap100)) (&& (>= net45) (>= netstandard1.6)) (&& (>= net46) (< netstandard1.4))
      System.Runtime.InteropServices.RuntimeInformation (>= 4.3) - restriction: || (&& (>= net45) (>= uap100)) (&& (>= net45) (< netstandard1.0) (>= portable-net451+win81+wpa81)) (&& (>= net45) (< netstandard1.3) (>= wpa81)) (&& (>= net45) (>= netstandard1.6)) (&& (>= net45) (< portable-net451+win81+wpa81)) (&& (>= net451) (< netstandard1.3)) (&& (>= net46) (< netstandard1.4))
      System.Security.Cryptography.Algorithms (>= 4.3) - restriction: || (&& (>= net45) (>= uap100)) (&& (>= net45) (>= netstandard1.6)) (&& (>= net46) (< netstandard1.4))
      System.Security.Cryptography.Encoding (>= 4.3) - restriction: || (&& (>= net45) (>= uap100)) (&& (>= net45) (>= netstandard1.6)) (&& (>= net46) (< netstandard1.4))
      System.Security.Cryptography.Primitives (>= 4.3) - restriction: || (&& (>= net45) (>= uap100)) (&& (>= net45) (>= netstandard1.6)) (&& (>= net46) (< netstandard1.4))
      System.Security.Cryptography.X509Certificates (>= 4.3) - restriction: || (&& (>= net45) (>= uap100)) (&& (>= net45) (>= netstandard1.6)) (&& (>= net46) (< netstandard1.4))
      System.Xml.ReaderWriter (>= 4.3) - restriction: || (&& (>= net45) (>= uap100)) (&& (>= net45) (>= netstandard1.6)) (&& (>= net45) (< portable-net45+win8+wpa81)) (&& (>= net46) (< netstandard1.4))
    System.AppContext (4.3) - restriction: || (&& (>= net45) (>= uap100)) (&& (>= net45) (>= netstandard1.6)) (&& (>= net46) (< netstandard1.4))
    System.Console (4.3) - restriction: || (&& (>= net45) (>= uap100)) (&& (>= net45) (>= netstandard1.6)) (&& (>= net46) (< netstandard1.4))
    System.Globalization.Calendars (4.3) - restriction: || (&& (>= net45) (>= uap100)) (&& (>= net45) (>= netstandard1.6)) (&& (>= net46) (< netstandard1.4))
    System.IO.Compression (4.3) - restriction: || (&& (>= net45) (>= uap100)) (&& (>= net45) (>= netstandard1.6)) (&& (>= net46) (< netstandard1.4))
    System.IO.Compression.ZipFile (4.3) - restriction: || (&& (>= net45) (>= uap100)) (&& (>= net45) (>= netstandard1.6)) (&& (>= net46) (< netstandard1.4))
    System.IO.FileSystem (4.3) - restriction: || (&& (>= net45) (>= uap100)) (&& (>= net45) (>= netstandard1.6)) (&& (>= net46) (< netstandard1.4))
      System.IO.FileSystem.Primitives (>= 4.3) - restriction: || (&& (>= net45) (>= netstandard1.3)) (>= net46)
    System.IO.FileSystem.Primitives (4.3) - restriction: || (&& (>= net45) (>= uap100)) (&& (>= net45) (>= netstandard1.6)) (&& (>= net46) (>= uap100)) (&& (>= net46) (< netstandard1.4)) (&& (>= net46) (>= netstandard1.6))
    System.Net.Http (4.3.2) - restriction: || (&& (>= net45) (>= uap100)) (&& (>= net45) (>= netstandard1.6)) (&& (>= net46) (< netstandard1.4))
      System.Security.Cryptography.X509Certificates (>= 4.3) - restriction: || (&& (>= net45) (>= dnxcore50)) (&& (>= net45) (>= netstandard1.6)) (>= net46)
    System.Net.Sockets (4.3) - restriction: || (&& (>= net45) (>= uap100)) (&& (>= net45) (>= netstandard1.6)) (&& (>= net46) (< netstandard1.4))
    System.Runtime.InteropServices.RuntimeInformation (4.3) - restriction: || (&& (>= net45) (>= uap100)) (&& (>= net45) (< netstandard1.0) (>= portable-net451+win81+wpa81)) (&& (>= net45) (< netstandard1.3) (>= wpa81)) (&& (>= net45) (>= netstandard1.6)) (&& (>= net45) (< portable-net451+win81+wpa81)) (&& (>= net451) (< netstandard1.3)) (&& (>= net46) (< netstandard1.4))
    System.Security.Cryptography.Algorithms (4.3) - restriction: || (&& (>= net45) (>= uap100)) (&& (>= net45) (>= netstandard1.6)) (&& (>= net46) (< netstandard1.4))
      System.Security.Cryptography.Primitives (>= 4.3) - restriction: || (&& (>= net45) (< net46) (>= netstandard1.3) (< netstandard1.4)) (&& (>= net45) (< net46) (>= netstandard1.4)) (&& (>= net45) (>= dnxcore50)) (&& (>= net45) (>= netstandard1.6)) (&& (>= net46) (< netstandard1.4)) (>= net461)
    System.Security.Cryptography.Encoding (4.3) - restriction: || (&& (>= net45) (>= uap100)) (&& (>= net45) (>= netstandard1.6)) (&& (>= net46) (< netstandard1.4))
    System.Security.Cryptography.Primitives (4.3) - restriction: || (&& (>= net45) (>= uap100)) (&& (>= net45) (>= netstandard1.6)) (&& (>= net46) (>= dnxcore50)) (&& (>= net46) (< netstandard1.4)) (&& (>= net461) (>= uap100)) (&& (>= net461) (< netstandard1.4)) (&& (>= net461) (>= netstandard1.6))
    System.Security.Cryptography.X509Certificates (4.3) - restriction: || (&& (>= net45) (>= uap100)) (&& (>= net45) (>= netstandard1.6)) (&& (>= net46) (>= uap100)) (&& (>= net46) (>= dnxcore50)) (&& (>= net46) (< netstandard1.4)) (&& (>= net46) (>= netstandard1.6))
      System.Security.Cryptography.Algorithms (>= 4.3) - restriction: || (&& (>= net45) (< net46) (>= netstandard1.3) (< netstandard1.4)) (&& (>= net45) (< net46) (>= netstandard1.4)) (&& (>= net45) (>= dnxcore50)) (&& (>= net45) (>= netstandard1.6)) (&& (>= net46) (< netstandard1.4)) (>= net461)
      System.Security.Cryptography.Encoding (>= 4.3) - restriction: || (&& (>= net45) (< net46) (>= netstandard1.3) (< netstandard1.4)) (&& (>= net45) (< net46) (>= netstandard1.4)) (&& (>= net45) (>= dnxcore50)) (&& (>= net45) (>= netstandard1.6)) (&& (>= net46) (< netstandard1.4)) (>= net461)
    System.ValueTuple (4.4)
      NETStandard.Library (>= 1.6.1) - restriction: && (>= net45) (< net461)
    System.Xml.ReaderWriter (4.3) - restriction: || (&& (>= net45) (>= uap100)) (&& (>= net45) (>= netstandard1.6)) (&& (>= net45) (< portable-net45+win8+wpa81)) (&& (>= net46) (< netstandard1.4))
    xunit (2.2)
      xunit.assert (2.2)
      xunit.core (2.2)
    xunit.abstractions (2.0.1)
    xunit.assert (2.2)
      NETStandard.Library (>= 1.6) - restriction: && (>= net45) (< net452)
    xunit.core (2.2)
      xunit.extensibility.core (2.2)
      xunit.extensibility.execution (2.2)
    xunit.extensibility.core (2.2)
      NETStandard.Library (>= 1.6) - restriction: && (>= net45) (< net452)
      xunit.abstractions (>= 2.0.1)
    xunit.extensibility.execution (2.2)
      NETStandard.Library (>= 1.6) - restriction: && (>= net45) (< net452)
      xunit.extensibility.core (2.2)
    xunit.runner.console (2.2)
    xunit.runner.visualstudio (2.2.0) - version_in_path: true
